GEM
  remote: https://rubygems.org/
  specs:
    tk (0.5.1)

PLATFORMS
  arm64-darwin-24
  ruby

DEPENDENCIES
  tk

BUNDLED WITH
   2.7.2
